GIT
  remote: https://github.com/whomwah/rqrcode_core.git
  revision: 2200020c61b22dedfb5e41dab9836a5cfd8fa6fd
  specs:
    rqrcode_core (0.1.0)

PATH
  remote: .
  specs:
    rqrcode (1.0.0)
      chunky_png (~> 1.0)

GEM
  remote: https://rubygems.org/
  specs:
    chunky_png (1.3.11)
    minitest (5.11.3)
    rake (10.5.0)

PLATFORMS
  ruby

DEPENDENCIES
  bundler (~> 2.0)
  minitest (~> 5.0)
  rake (~> 10.0)
  rqrcode!
  rqrcode_core!

BUNDLED WITH
   2.0.2
